PATH
  remote: .
  specs:
    ruby-units-brewpoo (1.3.0)

GEM
  remote: http://rubygems.org/
  specs:
    hoe (2.9.1)
      rake (>= 0.8.7)
    hoe-yard (0.1.2)
      yard (>= 0.2.3.1)
    json_pure (1.5.1)
    rake (0.8.7)
    rubyforge (2.0.4)
      json_pure (>= 1.1.7)
    yard (0.6.5)

PLATFORMS
  ruby

DEPENDENCIES
  hoe (>= 2.6.1)
  hoe-yard (>= 0.1.2)
  ruby-units-brewpoo!
  rubyforge (>= 2.0.4)
